GEM
  remote: https://rubygems.org/
  specs:
    backports (3.0.3)
    daemons (1.1.9)
    em-websocket (0.5.0)
      eventmachine (>= 0.12.9)
      http_parser.rb (~> 0.5.3)
    event_emitter (0.2.3)
    eventmachine (1.0.1)
    foreman (0.61.0)
      thor (>= 0.13.6)
    haml (4.0.0)
      tilt
    http_parser.rb (0.5.3)
    json (1.7.7)
    rack (1.5.2)
    rack-protection (1.4.0)
      rack
    rack-test (0.6.2)
      rack (>= 1.0)
    sass (3.2.6)
    sinatra (1.3.5)
      rack (~> 1.4)
      rack-protection (~> 1.3)
      tilt (~> 1.3, >= 1.3.3)
    sinatra-contrib (1.3.2)
      backports (>= 2.0)
      eventmachine
      rack-protection
      rack-test
      sinatra (~> 1.3.0)
      tilt (~> 1.3)
    sinatra-websocketio (0.0.2)
      em-websocket
      event_emitter (>= 0.2.0)
      eventmachine (>= 1.0.0)
      json (>= 1.7.0)
      rack
      sinatra (>= 1.3.3)
      sinatra-contrib (>= 1.3.2)
    thin (1.5.0)
      daemons (>= 1.0.9)
      eventmachine (>= 0.12.6)
      rack (>= 1.0.0)
    thor (0.17.0)
    tilt (1.3.4)

PLATFORMS
  ruby

DEPENDENCIES
  event_emitter
  foreman
  haml
  json
  rack
  sass
  sinatra
  sinatra-contrib
  sinatra-websocketio
  thin
